##TITLE= Parameter file, TopSpin 3.5 pl 7
##JCAMPDX= 5.0
##DATATYPE= Parameter Values
##NPOINTS= 3	$$ modification sequence number
##ORIGIN= Bruker BioSpin GmbH
##OWNER= nmr
$$ 2017-10-20 10:42:14.296 +0200  nmr@CZC60678L0
$$ /opt/topspin3.5pl5/data/brucka/data/nmr/nmr/mb_malezitose_sealed/90/acqu2
$$ process /opt/topspin3.5pl7/prog/mod/dataserver
##$ACQT0= 0
##$BF1= 500.13
##$DE= 240.3211
##$DECIM= 1
##$DR= 16
##$FW= 1650
##$FnMODE= 5
##$NUC1= <1H>
##$NusJSP= 0
##$NusT2= 1
##$NusTD= 0
##$O1= 2150.55899997196
##$ProjAngle= 0
##$SFO1= 500.132150559
##$SW= 2.6
##$SW_h= 1300.3435914534
##$TD= 256
##END=
