##TITLE= Parameter file, TopSpin 4.0.3
##JCAMPDX= 5.0
##DATATYPE= Parameter Values
##NPOINTS= 40	$$ modification sequence number
##ORIGIN= Bruker BioSpin GmbH
##OWNER= nmr
$$ 2018-11-23 07:57:48.681 +0100  jeannerat@djmini2018.local
$$ /Volumes/lacie_case/nmr_data/nmrge500_3/data/cougnon/data/nmr/nmr/KC-SL-PURE/39/pdata/1/proc2s
$$ process /opt/topspin4.0.3/prog/mod/dataserver
##$ABSF1= 0
##$ABSF2= 0
##$ABSG= 0
##$ABSL= 0
##$ALPHA= 0
##$AQORDER= 0
##$ASSFAC= 0
##$ASSFACI= 0
##$ASSFACX= 0
##$ASSWID= 0
##$AUNMP= <>
##$AXLEFT= 0
##$AXNAME= <F1>
##$AXNUC= <1H>
##$AXRIGHT= 0
##$AXTYPE= 0
##$AXUNIT= <>
##$AZFE= 0.1
##$AZFW= 0.5
##$BCFW= 0
##$BC_mod= 0
##$BYTORDP= 0
##$COROFFS= 0
##$CY= 0
##$DATMOD= 0
##$DC= 0
##$DFILT= <>
##$DTYPP= 0
##$ERETIC= no
##$F1P= 9.8000005086263
##$F2P= -0.199999491373698
##$FCOR= 1
##$FTSIZE= 512
##$FT_mod= 4
##$GAMMA= 0
##$GB= 0
##$INTBC= 1
##$INTSCL= 3.81883449171313e-08
##$ISEN= 128
##$LB= 0
##$LEV0= 0
##$LPBIN= 0
##$MAXI= 10000
##$MC2= 4
##$MEAN= 0
##$ME_mod= 0
##$MI= 0
##$MddCEXP= no
##$MddCT_SP= no
##$MddF180= no
##$MddLAMBDA= 0
##$MddMEMORY= 0
##$MddMERGE= 0
##$MddNCOMP= 0
##$MddNITER= 0
##$MddNOISE= 0
##$MddPHASE= 0
##$MddSEED= 0
##$MddSRSIZE= 0
##$Mdd_CsALG= 0
##$Mdd_CsLAMBDA= 0
##$Mdd_CsNITER= 0
##$Mdd_CsNORM= 0
##$Mdd_CsVE= yes
##$Mdd_CsZF= 0
##$Mdd_LrLAMBDA= 0
##$Mdd_LrNITER= 0
##$Mdd_LrRANK= 0
##$Mdd_LrZF= 0
##$Mdd_mod= 0
##$NCOEF= 0
##$NC_proc= -2
##$NLEV= 0
##$NOISF1= 0
##$NOISF2= 0
##$NSP= 0
##$NTH_PI= 0
##$NZP= 0
##$OFFSET= 11.20496
##$PC= 4
##$PHC0= 90
##$PHC1= -180
##$PH_mod= 1
##$PKNL= no
##$PPARMOD= 1
##$PPDIAG= 0
##$PPIPTYP= 0
##$PPMPNUM= 2147483647
##$PPRESOL= 1
##$PSCAL= 1
##$PSIGN= 0
##$PYNMP= <>
##$RDF1= 0
##$RDF2= 0
##$RDFWHM= 0
##$RDINT= 0
##$RDPOS= 0
##$REVERSE= no
##$SF= 500.13
##$SI= 512
##$SIGF1= 0
##$SIGF2= 0
##$SINO= 0
##$SIOLD= 1024
##$SPECTYP= <>
##$SREF_mod= 1
##$SREGLST= <>
##$SSB= 2
##$STSI= 512
##$STSR= 0
##$SW_p= 3750.93773443361
##$SYMM= 0
##$S_DEV= 1422
##$TDeff= 256
##$TDoff= 0
##$TI= <>
##$TILT= no
##$TM1= 0
##$TM2= 0
##$TOPLEV= 0
##$USERP1= <>
##$USERP2= <>
##$USERP3= <>
##$USERP4= <>
##$USERP5= <>
##$WDW= 4
##$XDIM= 512
##$YMAX_p= 326688305
##$YMIN_p= -14358224
##END=
